GEM
  remote: https://rubygems.org/
  specs:
    mechanize (1.0.0)
      nokogiri (>= 1.2.1)
    mini_portile (0.5.2)
    nokogiri ~> 1.8.1
      mini_portile (~> 0.5.0)
    nokogiri ~> 1.8.1
      mini_portile (~> 0.5.0)
    rack (1.5.4)
    rake (10.1.0)
    rspec (1.3.2)
    ruby-processing (2.6.7)

PLATFORMS
  java
  ruby

DEPENDENCIES
  mechanize
  nokogiri
  rack (~> 1.1)
  rake
  rspec
  ruby-processing
